GEM
  remote: https://rubygems.org/
  specs:
    addressable (2.8.0)
      public_suffix (>= 2.0.2, < 5.0)
    awesome_print (1.8.0)
    byebug (11.1.1)
    chunky_png (1.3.11)
    coderay (1.1.2)
    fractalsrb (0.0.1)
      chunky_png (>= 1.3.11)
    launchy (2.4.3)
      addressable (~> 2.3)
    method_source (1.0.0)
    mustermann (1.1.1)
      ruby2_keywords (~> 0.0.1)
    oj (3.7.11)
    pry (0.13.1)
      coderay (~> 1.1)
      method_source (~> 1.0)
    pry-byebug (3.9.0)
      byebug (~> 11.0)
      pry (~> 0.13.0)
    public_suffix (4.0.6)
    rack (2.2.3)
    rack-protection (2.2.0)
      rack
    rake (13.0.1)
    ruby2_keywords (0.0.5)
    sinatra (2.2.0)
      mustermann (~> 1.0)
      rack (~> 2.2)
      rack-protection (= 2.2.0)
      tilt (~> 2.0)
    tilt (2.0.10)

PLATFORMS
  ruby

DEPENDENCIES
  awesome_print
  fractalsrb
  launchy (= 2.4.3)
  oj (= 3.7.11)
  pry-byebug
  rake
  sinatra (= 2.2.0)

BUNDLED WITH
   2.0.2
